GEM
  remote: https://rubygems.org/
  specs:
    equatable (0.5.0)
    pastel (0.7.1)
      equatable (~> 0.5.0)
      tty-color (~> 0.4.0)
    tty-color (0.4.2)
    tty-command (0.4.0)
      pastel (~> 0.7.0)

PLATFORMS
  ruby

DEPENDENCIES
  tty-command

BUNDLED WITH
   1.13.6
